GEM
  remote: https://rubygems.org/
  specs:
    nio4r (2.5.8)
    puma (5.6.4)
      nio4r (~> 2.0)
    rack (2.2.4)
    sequel (5.60.1)
    slim (4.1.0)
      temple (>= 0.7.6, < 0.9)
      tilt (>= 2.0.6, < 2.1)
    sqlite3 (1.4.4)
    temple (0.8.2)
    tilt (2.0.11)

PLATFORMS
  x86_64-darwin-21

DEPENDENCIES
  puma
  rack
  sequel
  slim
  sqlite3

RUBY VERSION
   ruby 3.1.1p18

BUNDLED WITH
   2.3.7
